GEM
  remote: http://rubygems.org/
  specs:
    awesome_print (1.1.0)
    diff-lcs (1.2.4)
    haml (4.0.3)
      tilt
    rack (1.4.5)
    rack-protection (1.5.0)
      rack
    rack-test (0.6.2)
      rack (>= 1.0)
    rspec (2.13.0)
      rspec-core (~> 2.13.0)
      rspec-expectations (~> 2.13.0)
      rspec-mocks (~> 2.13.0)
    rspec-core (2.13.1)
    rspec-expectations (2.13.0)
      diff-lcs (>= 1.1.3, < 2.0)
    rspec-mocks (2.13.1)
    sequel (3.48.0)
    sinatra (1.4.3)
      rack (~> 1.4)
      rack-protection (~> 1.4)
      tilt (~> 1.3, >= 1.3.4)
    sqlite3 (1.3.7-x86-mingw32)
    tilt (1.4.1)

PLATFORMS
  x86-mingw32

DEPENDENCIES
  awesome_print
  haml
  rack-test
  rspec
  sequel
  sinatra
  sqlite3
